GEM
  remote: https://rubygems.org/
  specs:
    ast (2.4.0)
    codecov (0.1.15)
      json
      simplecov
      url
    daemons (1.3.1)
    docile (1.3.2)
    eventmachine (1.2.7)
    fuubar (2.5.0)
      rspec-core (~> 3.0)
      ruby-progressbar (~> 1.4)
    goodcop (0.8.0)
      fuubar (~> 2.5.0)
      rubocop-performance (~> 1.5.0)
    jaro_winkler (1.5.4)
    json (2.2.0)
    mustermann (1.0.3)
    parallel (1.18.0)
    parser (2.6.5.0)
      ast (~> 2.4.0)
    rack (2.0.7)
    rack-protection (2.0.7)
      rack
    rainbow (3.0.0)
    redis (4.1.3)
    rspec-core (3.9.0)
      rspec-support (~> 3.9.0)
    rspec-support (3.9.0)
    rubocop (0.76.0)
      jaro_winkler (~> 1.5.1)
      parallel (~> 1.10)
      parser (>= 2.6)
      rainbow (>= 2.2.2, < 4.0)
      ruby-progressbar (~> 1.7)
      unicode-display_width (>= 1.4.0, < 1.7)
    rubocop-performance (1.5.0)
      rubocop (>= 0.71.0)
    ruby-progressbar (1.10.1)
    simplecov (0.17.1)
      docile (~> 1.1)
      json (>= 1.8, < 3)
      simplecov-html (~> 0.10.0)
    simplecov-html (0.10.2)
    sinatra (2.0.7)
      mustermann (~> 1.0)
      rack (~> 2.0)
      rack-protection (= 2.0.7)
      tilt (~> 2.0)
    thin (1.7.2)
      daemons (~> 1.0, >= 1.0.9)
      eventmachine (~> 1.0, >= 1.0.4)
      rack (>= 1, < 3)
    tilt (2.0.10)
    unicode-display_width (1.6.0)
    url (0.3.2)
    zxcvbn-ruby (1.0.0)

PLATFORMS
  ruby

DEPENDENCIES
  codecov (~> 0.1.1)
  goodcop (~> 0.8.0)
  redis (~> 4.1.0)
  sinatra (~> 2.0.0)
  thin (~> 1.7.0)
  zxcvbn-ruby (~> 1.0.0)

RUBY VERSION
   ruby 2.6.1p33

BUNDLED WITH
   2.0.2
