GEM
  remote: https://rubygems.org/
  specs:
    ast (2.3.0)
    codecov (0.1.10)
      json
      simplecov
      url
    daemons (1.2.4)
    diff-lcs (1.3)
    docile (1.1.5)
    eventmachine (1.2.3)
    fuubar (2.2.0)
      rspec-core (~> 3.0)
      ruby-progressbar (~> 1.4)
    json (2.1.0)
    mustermann (1.0.0)
    parallel (1.11.2)
    parser (2.4.0.0)
      ast (~> 2.2)
    powerpack (0.1.1)
    rack (2.0.3)
    rack-protection (2.0.0)
      rack
    rainbow (2.2.2)
      rake
    rake (12.0.0)
    redis (3.3.3)
    rspec (3.6.0)
      rspec-core (~> 3.6.0)
      rspec-expectations (~> 3.6.0)
      rspec-mocks (~> 3.6.0)
    rspec-core (3.6.0)
      rspec-support (~> 3.6.0)
    rspec-expectations (3.6.0)
      diff-lcs (>= 1.2.0, < 2.0)
      rspec-support (~> 3.6.0)
    rspec-mocks (3.6.0)
      diff-lcs (>= 1.2.0, < 2.0)
      rspec-support (~> 3.6.0)
    rspec-support (3.6.0)
    rubocop (0.49.0)
      parallel (~> 1.10)
      parser (>= 2.3.3.1, < 3.0)
      powerpack (~> 0.1)
      rainbow (>= 1.99.1, < 3.0)
      ruby-progressbar (~> 1.7)
      unicode-display_width (~> 1.0, >= 1.0.1)
    ruby-progressbar (1.8.1)
    simplecov (0.14.1)
      docile (~> 1.1.0)
      json (>= 1.8, < 3)
      simplecov-html (~> 0.10.0)
    simplecov-html (0.10.1)
    sinatra (2.0.0)
      mustermann (~> 1.0)
      rack (~> 2.0)
      rack-protection (= 2.0.0)
      tilt (~> 2.0)
    thin (1.7.0)
      daemons (~> 1.0, >= 1.0.9)
      eventmachine (~> 1.0, >= 1.0.4)
      rack (>= 1, < 3)
    tilt (2.0.7)
    unicode-display_width (1.2.1)
    url (0.3.2)
    zxcvbn-ruby (0.1.2)

PLATFORMS
  ruby

DEPENDENCIES
  codecov (~> 0.1.1)
  fuubar (~> 2.2.0)
  rake (~> 12.0.0)
  redis (~> 3.3.0)
  rspec (~> 3.6.0)
  rubocop (~> 0.49.0)
  sinatra (~> 2.0.0)
  thin (~> 1.7.0)
  zxcvbn-ruby (~> 0.1.0)

RUBY VERSION
   ruby 2.4.1p111

BUNDLED WITH
   1.14.6
