GEM
  remote: https://rubygems.org/
  specs:
    ast (2.4.0)
    codecov (0.1.14)
      json
      simplecov
      url
    daemons (1.3.1)
    diff-lcs (1.3)
    docile (1.3.1)
    eventmachine (1.2.7)
    fuubar (2.3.2)
      rspec-core (~> 3.0)
      ruby-progressbar (~> 1.4)
    goodcop (0.6.0)
      fuubar (~> 2.3.0)
    jaro_winkler (1.5.2)
    json (2.2.0)
    mustermann (1.0.3)
    parallel (1.14.0)
    parser (2.6.2.0)
      ast (~> 2.4.0)
    powerpack (0.1.2)
    psych (3.1.0)
    rack (2.0.6)
    rack-protection (2.0.5)
      rack
    rainbow (3.0.0)
    rake (12.3.2)
    redis (4.1.0)
    rspec (3.8.0)
      rspec-core (~> 3.8.0)
      rspec-expectations (~> 3.8.0)
      rspec-mocks (~> 3.8.0)
    rspec-core (3.8.0)
      rspec-support (~> 3.8.0)
    rspec-expectations (3.8.2)
      diff-lcs (>= 1.2.0, < 2.0)
      rspec-support (~> 3.8.0)
    rspec-mocks (3.8.0)
      diff-lcs (>= 1.2.0, < 2.0)
      rspec-support (~> 3.8.0)
    rspec-support (3.8.0)
    rubocop (0.65.0)
      jaro_winkler (~> 1.5.1)
      parallel (~> 1.10)
      parser (>= 2.5, != 2.5.1.1)
      powerpack (~> 0.1)
      psych (>= 3.1.0)
      rainbow (>= 2.2.2, < 4.0)
      ruby-progressbar (~> 1.7)
      unicode-display_width (~> 1.4.0)
    ruby-progressbar (1.10.0)
    simplecov (0.16.1)
      docile (~> 1.1)
      json (>= 1.8, < 3)
      simplecov-html (~> 0.10.0)
    simplecov-html (0.10.2)
    sinatra (2.0.5)
      mustermann (~> 1.0)
      rack (~> 2.0)
      rack-protection (= 2.0.5)
      tilt (~> 2.0)
    thin (1.7.2)
      daemons (~> 1.0, >= 1.0.9)
      eventmachine (~> 1.0, >= 1.0.4)
      rack (>= 1, < 3)
    tilt (2.0.9)
    unicode-display_width (1.4.1)
    url (0.3.2)
    zxcvbn-ruby (0.1.2)

PLATFORMS
  ruby

DEPENDENCIES
  codecov (~> 0.1.1)
  fuubar (~> 2.3.0)
  goodcop (~> 0.6.0)
  rake (~> 12.3.0)
  redis (~> 4.1.0)
  rspec (~> 3.8.0)
  rubocop (~> 0.65.0)
  sinatra (~> 2.0.0)
  thin (~> 1.7.0)
  zxcvbn-ruby (~> 0.1.0)

RUBY VERSION
   ruby 2.6.1p33

BUNDLED WITH
   2.0.1
